PATH
  remote: .
  specs:
    inegi-api (0.0.1)
      excon (~> 0.45.0)
      json (~> 1.8.0)

GEM
  remote: http://rubygems.org/
  specs:
    addressable (2.4.0)
    crack (0.4.3)
      safe_yaml (~> 1.0.0)
    excon (0.45.4)
    hashdiff (0.2.3)
    json (1.8.3)
    minitest (5.8.3)
    rake (10.5.0)
    safe_yaml (1.0.4)
    webmock (1.22.6)
      addressable (>= 2.3.6)
      crack (>= 0.3.2)
      hashdiff

PLATFORMS
  ruby

DEPENDENCIES
  inegi-api!
  minitest
  rake
  webmock

BUNDLED WITH
   1.11.2
