PATH
  remote: .
  specs:
    inegi-api (0.0.1)
      httparty (~> 0.13.0)
      json (~> 1.8.0)

GEM
  remote: http://rubygems.org/
  specs:
    httparty (0.13.7)
      json (~> 1.8)
      multi_xml (>= 0.5.2)
    json (1.8.3)
    minitest (5.8.3)
    multi_xml (0.5.5)
    rake (10.5.0)

PLATFORMS
  ruby

DEPENDENCIES
  inegi-api!
  minitest
  rake

BUNDLED WITH
   1.11.2
